RESTRICTION: == net45
NUGET
  remote: https://api.nuget.org/v3/index.json
    NUnit (3.6.1)

GROUP Build
CONTENT: NONE
RESTRICTION: == net45
NUGET
  remote: https://api.nuget.org/v3/index.json
    FAKE (4.63) - content: none
    Mono.Cecil (0.10.0-beta6) - content: none
    SourceLink.Fake (1.1) - content: none
GITHUB
  remote: vrvis/Aardvark.Fake
    FULLPROJECT (850598ad8e27cef9d14cb0d4b88ba542c02a8a0d)
      FAKE (>= 4.63 < 4.64)
      Mono.Cecil (>= 0.10.0-beta6 < 0.11)
      SourceLink.Fake (>= 1.1 < 1.2)